PATH
  remote: .
  specs:
    yarp (0.11.0)

GEM
  remote: https://rubygems.org/
  specs:
    ffi (1.15.5)
    power_assert (2.0.3)
    rake (13.0.6)
    rake-compiler (1.2.5)
      rake
    test-unit (3.6.1)
      power_assert

PLATFORMS
  ruby
  universal-java-17
  universal-java-20

DEPENDENCIES
  ffi
  rake
  rake-compiler
  test-unit
  yarp!

BUNDLED WITH
   2.3.6
